GEM
  remote: https://rubygems.org/
  specs:
    os (1.1.4)
    webrick (1.7.0)

PLATFORMS
  x86_64-linux

DEPENDENCIES
  os
  webrick

BUNDLED WITH
   2.3.7
